PATH
  remote: .
  specs:
    mightystring (0.2.0)

GEM
  remote: https://rubygems.org/
  specs:
    ansi (1.5.0)
    builder (3.2.2)
    color_pound_spec_reporter (0.0.3)
    minitest (5.5.1)
    minitest-reporters (1.0.11)
      ansi
      builder
      minitest (>= 5.0)
      ruby-progressbar
    rake (10.4.2)
    ruby-progressbar (1.7.1)

PLATFORMS
  ruby

DEPENDENCIES
  bundler (~> 1.9)
  color_pound_spec_reporter (~> 0.0.3)
  mightystring!
  minitest (~> 5.5.1)
  minitest-reporters (~> 1.0.11)
  rake (~> 10.0)
